GEM
  remote: https://rubygems.org/
  specs:
    activesupport (4.2.10)
      i18n (~> 0.7)
      minitest (~> 5.1)
      thread_safe (~> 0.3, >= 0.3.4)
      tzinfo (~> 1.1)
    addressable (2.5.2)
      public_suffix (>= 2.0.2, < 4.0)
    amq-protocol (2.3.0)
    ansi (1.5.0)
    autoparse (0.3.3)
      addressable (>= 2.3.1)
      extlib (>= 0.9.15)
      multi_json (>= 1.0.0)
    awesome_print (1.6.1)
    backports (3.11.3)
    bson (4.3.0)
    bson_ext (1.5.1)
    builder (3.2.3)
    bunny (2.2.0)
      amq-protocol (>= 2.0.0)
    byebug (5.0.0)
      columnize (= 0.9.0)
    chronic (0.10.2)
    cityhash (0.8.1)
    columnize (0.9.0)
    concurrent-ruby (1.0.5)
    daemons (1.2.3)
    eventmachine (1.2.7)
    excon (0.62.0)
    extlib (0.9.16)
    faraday (0.15.2)
      multipart-post (>= 1.2, < 3)
    fog-core (2.1.0)
      builder
      excon (~> 0.58)
      formatador (~> 0.2)
      mime-types
    fog-google (0.6.0)
      fog-core
      fog-json
      fog-xml
    fog-json (1.2.0)
      fog-core
      multi_json (~> 1.10)
    fog-xml (0.1.3)
      fog-core
      nokogiri (>= 1.5.11, < 2.0.0)
    formatador (0.2.5)
    google-api-client (0.8.7)
      activesupport (>= 3.2, < 5.0)
      addressable (~> 2.3)
      autoparse (~> 0.3)
      extlib (~> 0.9)
      faraday (~> 0.9)
      googleauth (~> 0.3)
      launchy (~> 2.4)
      multi_json (~> 1.10)
      retriable (~> 1.4)
      signet (~> 0.6)
    googleauth (0.6.4)
      faraday (~> 0.12)
      jwt (>= 1.4, < 3.0)
      memoist (~> 0.12)
      multi_json (~> 1.11)
      os (>= 0.9, < 2.0)
      signet (~> 0.7)
    haml (4.0.5)
      tilt
    highline (1.7.10)
    httparty (0.13.3)
      json (~> 1.8)
      multi_xml (>= 0.5.2)
    i18n (0.9.5)
      concurrent-ruby (~> 1.0)
    json (1.8.6)
    jwt (2.1.0)
    launchy (2.4.3)
      addressable (~> 2.3)
    mail (2.6.3)
      mime-types (>= 1.16, < 3)
    mandrill-api (1.0.53)
      excon (>= 0.16.0, < 1.0)
      json (>= 1.7.7, < 2.0)
    memoist (0.16.0)
    mime-types (2.99.3)
    mini_portile2 (2.3.0)
    minitest (5.11.3)
    mongo (2.6.2)
      bson (>= 4.3.0, < 5.0.0)
    multi_json (1.13.1)
    multi_xml (0.6.0)
    multipart-post (2.0.0)
    mustermann (1.0.3)
    mysql2 (0.4.5)
    nokogiri (1.8.4)
      mini_portile2 (~> 2.3.0)
    oj (2.17.3)
    options (2.3.2)
    os (1.0.0)
    papertrail (0.11.0)
      ansi (~> 1.5)
      chronic (~> 0.10)
    progress_bar (1.2.0)
      highline (~> 1.6)
      options (~> 2.3.0)
    public_suffix (3.0.3)
    rack (2.2.2)
    rack-protection (2.0.0)
      rack
    redis (3.3.3)
    retriable (1.4.1)
    sequel (4.42.1)
    signet (0.8.1)
      addressable (~> 2.3)
      faraday (~> 0.9)
      jwt (>= 1.5, < 3.0)
      multi_json (~> 1.10)
    sinatra (2.0.0)
      mustermann (~> 1.0)
      rack (~> 2.0)
      rack-protection (= 2.0.0)
      tilt (~> 2.0)
    sinatra-contrib (2.0.0)
      backports (>= 2.0)
      multi_json
      mustermann (~> 1.0)
      rack-protection (= 2.0.0)
      sinatra (= 2.0.0)
      tilt (>= 1.3, < 3)
    slogger (0.0.12)
    statsd-ruby (1.2.1)
    thin (1.7.2)
      daemons (~> 1.0, >= 1.0.9)
      eventmachine (~> 1.0, >= 1.0.4)
      rack (>= 1, < 3)
    thread_safe (0.3.6)
    tilt (2.0.8)
    tzinfo (1.2.5)
      thread_safe (~> 0.1)

PLATFORMS
  ruby

DEPENDENCIES
  awesome_print (= 1.6.1)
  bson_ext (= 1.5.1)
  bunny (= 2.2.0)
  byebug (= 5.0.0)
  cityhash (= 0.8.1)
  daemons (= 1.2.3)
  fog-google
  google-api-client (~> 0.8.6)
  haml (= 4.0.5)
  httparty (= 0.13.3)
  mail (= 2.6.3)
  mandrill-api (= 1.0.53)
  mongo (= 2.6.2)
  mysql2 (= 0.4.5)
  oj (= 2.17.3)
  papertrail
  progress_bar
  redis (= 3.3.3)
  sequel (= 4.42.1)
  sinatra (= 2.0.0)
  sinatra-contrib (= 2.0.0)
  slogger (= 0.0.12)
  statsd-ruby (= 1.2.1)
  thin (= 1.7.2)

BUNDLED WITH
   1.16.3
